PATH
  remote: .
  specs:
    fluentd-plugin-annotation-filter (0.1.0)
      fluentd (~> 1.3.3, >= 1.3.3)

GEM
  remote: https://rubygems.org/
  specs:
    cool.io (1.7.0)
    diff-lcs (1.4.4)
    dig_rb (1.0.1)
    fluentd (1.3.3)
      cool.io (>= 1.4.5, < 2.0.0)
      dig_rb (~> 1.0.0)
      http_parser.rb (>= 0.5.1, < 0.7.0)
      msgpack (>= 0.7.0, < 2.0.0)
      serverengine (>= 2.0.4, < 3.0.0)
      sigdump (~> 0.2.2)
      strptime (>= 0.2.2, < 1.0.0)
      tzinfo (~> 1.0)
      tzinfo-data (~> 1.0)
      yajl-ruby (~> 1.0)
    http_parser.rb (0.6.0)
    msgpack (1.3.3)
    rspec (3.9.0)
      rspec-core (~> 3.9.0)
      rspec-expectations (~> 3.9.0)
      rspec-mocks (~> 3.9.0)
    rspec-core (3.9.3)
      rspec-support (~> 3.9.3)
    rspec-expectations (3.9.3)
      diff-lcs (>= 1.2.0, < 2.0)
      rspec-support (~> 3.9.0)
    rspec-mocks (3.9.1)
      diff-lcs (>= 1.2.0, < 2.0)
      rspec-support (~> 3.9.0)
    rspec-support (3.9.4)
    serverengine (2.2.1)
      sigdump (~> 0.2.2)
    sigdump (0.2.4)
    strptime (0.2.5)
    thread_safe (0.3.6)
    tzinfo (1.2.7)
      thread_safe (~> 0.1)
    tzinfo-data (1.2020.4)
      tzinfo (>= 1.0.0)
    yajl-ruby (1.4.1)

PLATFORMS
  ruby

DEPENDENCIES
  bundler (~> 1.3)
  fluentd-plugin-annotation-filter!
  rspec (~> 3.0)

BUNDLED WITH
   1.17.2
